GEM
  remote: https://rubygems.org/
  specs:
    byebug (11.1.3)
    coderay (1.1.3)
    method_source (1.0.0)
    minitest (5.20.0)
    pry (0.14.2)
      coderay (~> 1.1)
      method_source (~> 1.0)
    pry-byebug (3.10.1)
      byebug (~> 11.0)
      pry (>= 0.13, < 0.15)
    rake (13.1.0)

PLATFORMS
  arm64-darwin-21

DEPENDENCIES
  minitest (~> 5.0)
  pry-byebug
  rake (~> 13.0)

BUNDLED WITH
   2.4.22
